PATH
  remote: .
  specs:
    nokogiri-tools (1.0.0)
      nokogiri
      unicode-tools (~> 1.0)

GEM
  remote: https://rubygems.org/
  specs:
    mini_portile2 (2.1.0)
    nokogiri (1.7.1)
      mini_portile2 (~> 2.1.0)
    power_assert (1.0.1)
    rake (12.0.0)
    test-unit (3.2.3)
      power_assert
    unicode-tools (1.0.2)

PLATFORMS
  ruby

DEPENDENCIES
  nokogiri-tools!
  rake (~> 12.0)
  test-unit (~> 3.2)

BUNDLED WITH
   1.14.3
